PATH
  remote: .
  specs:
    hungarian_algorithm (1.0.0)

GEM
  remote: https://rubygems.org/
  specs:
    minitest (5.12.2)
    rake (13.0.1)

PLATFORMS
  ruby

DEPENDENCIES
  bundler (~> 2.0)
  hungarian_algorithm!
  minitest (~> 5.0)
  rake (~> 13.0)

BUNDLED WITH
   2.0.2
